PATH
  remote: .
  specs:
    cocktail_db (0.1.0)

GEM
  remote: https://rubygems.org/
  specs:
    json (2.5.1)
    rake (12.3.2)

PLATFORMS
  ruby

DEPENDENCIES
  cocktail_db!
  json
  rake (~> 12.0)

BUNDLED WITH
   2.1.4
